GEM
  remote: https://rubygems.org/
  specs:
    backports (3.8.0)
    builder (3.2.3)
    dotenv (2.2.1)
    faraday (0.12.1)
      multipart-post (>= 1.2, < 3)
    jwt (1.5.6)
    mini_cache (1.1.0)
    minitest (5.10.1)
    minitest-assert-json-equal (0.2.1)
      minitest (~> 5.0)
    multi_json (1.12.1)
    multipart-post (2.0.0)
    mustermann (1.0.0)
    rack (2.0.2)
    rack-parser (0.7.0)
      rack
    rack-protection (2.0.0)
      rack
    rake (12.0.0)
    sinatra (2.0.0)
      mustermann (~> 1.0)
      rack (~> 2.0)
      rack-protection (= 2.0.0)
      tilt (~> 2.0)
    sinatra-contrib (2.0.0)
      backports (>= 2.0)
      multi_json
      mustermann (~> 1.0)
      rack-protection (= 2.0.0)
      sinatra (= 2.0.0)
      tilt (>= 1.3, < 3)
    tilt (2.0.7)
    twilio-ruby (5.0.0.rc19)
      builder (>= 2.1.2)
      faraday (~> 0.9)
      jwt (~> 1.0)

PLATFORMS
  ruby

DEPENDENCIES
  dotenv
  mini_cache
  minitest
  minitest-assert-json-equal
  rack-parser
  rake
  sinatra
  sinatra-contrib
  twilio-ruby (~> 5.0.0.rc19)

BUNDLED WITH
   1.14.6
